GEM
  remote: https://rubygems.org/
  specs:
    addressable (2.8.0)
      public_suffix (>= 2.0.2, < 5.0)
    ast (2.4.0)
    bosh-template (2.2.1)
      semi_semantic (~> 1.2.0)
    bosh_common (1.3262.24.0)
      logging (~> 1.8.2)
      semi_semantic (~> 1.2.0)
    bosh_cpi (2.5.0)
      httpclient (~> 2.8.3)
      membrane (~> 1.1.0)
    builder (3.2.4)
    byebug (11.0.1)
    coderay (1.1.2)
    crack (0.4.3)
      safe_yaml (~> 1.0.0)
    diff-lcs (1.3)
    excon (0.71.1)
    fog-core (2.2.4)
      builder
      excon (~> 0.71)
      formatador (~> 0.2)
      mime-types
    fog-json (1.2.0)
      fog-core
      multi_json (~> 1.10)
    fog-openstack (1.0.11)
      fog-core (~> 2.1)
      fog-json (>= 1.0)
      ipaddress (>= 0.8)
    formatador (0.3.0)
    hashdiff (1.0.0)
    httpclient (2.8.3)
    ipaddress (0.8.3)
    jaro_winkler (1.5.4)
    little-plugger (1.1.4)
    logging (1.8.2)
      little-plugger (>= 1.1.3)
      multi_json (>= 1.8.4)
    membrane (1.1.0)
    method_source (0.9.2)
    mime-types (3.3.1)
      mime-types-data (~> 3.2015)
    mime-types-data (3.2021.0225)
    minitar (0.5.4)
    multi_json (1.14.1)
    netaddr (2.0.4)
    parallel (1.19.1)
    parser (2.6.5.0)
      ast (~> 2.4.0)
    pry (0.12.2)
      coderay (~> 1.1.0)
      method_source (~> 0.9.0)
    pry-byebug (3.7.0)
      byebug (~> 11.0)
      pry (~> 0.10)
    public_suffix (4.0.6)
    rainbow (3.0.0)
    rake (12.3.3)
    rb-readline (0.5.5)
    rspec (3.3.0)
      rspec-core (~> 3.3.0)
      rspec-expectations (~> 3.3.0)
      rspec-mocks (~> 3.3.0)
    rspec-core (3.3.2)
      rspec-support (~> 3.3.0)
    rspec-expectations (3.3.1)
      diff-lcs (>= 1.2.0, < 2.0)
      rspec-support (~> 3.3.0)
    rspec-its (1.0.1)
      rspec-core (>= 2.99.0.beta1)
      rspec-expectations (>= 2.99.0.beta1)
    rspec-mocks (3.3.2)
      diff-lcs (>= 1.2.0, < 2.0)
      rspec-support (~> 3.3.0)
    rspec-support (3.3.0)
    rubocop (0.76.0)
      jaro_winkler (~> 1.5.1)
      parallel (~> 1.10)
      parser (>= 2.6)
      rainbow (>= 2.2.2, < 4.0)
      ruby-progressbar (~> 1.7)
      unicode-display_width (>= 1.4.0, < 1.7)
    rubocop-git (0.1.3)
      rubocop (>= 0.24.1)
    ruby-progressbar (1.10.1)
    safe_yaml (1.0.5)
    semi_semantic (1.2.0)
    timecop (0.7.4)
    unicode-display_width (1.6.0)
    webmock (2.3.2)
      addressable (>= 2.3.6)
      crack (>= 0.3.2)
      hashdiff

PLATFORMS
  ruby

DEPENDENCIES
  bosh-template
  bosh_common
  bosh_cpi (~> 2.5.0)
  excon (~> 0.71.0)
  fog-openstack (~> 1.0.11)
  httpclient (= 2.8.3)
  membrane (~> 1.1.0)
  minitar (~> 0.5.4)
  netaddr (~> 2.0.4)
  pry-byebug
  rake (~> 12.3.3)
  rb-readline
  rspec (~> 3.3.0)
  rspec-its (~> 1.0.1)
  rubocop
  rubocop-git
  timecop (~> 0.7.1)
  webmock (~> 2.3.2)

BUNDLED WITH
   1.17.3
